GEM
  remote: https://rubygems.org/
  specs:
    httpclient (2.8.3)
    newrelic_rpm (6.13.0)

PLATFORMS
  ruby

DEPENDENCIES
  httpclient
  newrelic_rpm

BUNDLED WITH
   2.1.4
